{
  "AcquisitionMatrixPE": 74,
  "AcquisitionNumber": 1,
  "AcquisitionTime": "10:09:4.640000",
  "BandwidthPerPixelPhaseEncode": 27.579,
  "BaseResolution": 74,
  "BodyPartExamined": "HEAD",
  "CoilString": "t:HEA;HEP",
  "ConversionSoftware": "dcm2niix",
  "ConversionSoftwareVersion": "v1.0.20190410  GCC6.3.0",
  "DerivedVendorReportedEchoSpacing": 0.000489993,
  "DeviceSerialNumber": "35256",
  "DwellTime": 2.4e-06,
  "EchoTime": 0.03,
  "EffectiveEchoSpacing": 0.000489993,
  "FlipAngle": 70,
  "ImageOrientationPatientDICOM": [1, 0, 0, 0, 1, 0],
  "ImageType": [
    "ORIGINAL",
    "PRIMARY",
    "M",
    "ND",
    "NORM",
    "MOSAIC"
],
  "ImagingFrequency": 123.223,
  "InPlanePhaseEncodingDirectionDICOM": "COL",
  "InstitutionAddress": "East_Lee_St._2907_Greensboro_NC_US_27401",
  "InstitutionName": "JSNN",
  "InstitutionalDepartmentName": "Department",
  "MRAcquisitionType": "2D",
  "MagneticFieldStrength": 3,
  "Manufacturer": "Siemens",
  "ManufacturersModelName": "TrioTim",
  "Modality": "MR",
  "PartialFourier": 1,
  "PatientPosition": "HFS",
  "PercentPhaseFOV": 100,
  "PhaseEncodingDirection": "j-",
  "PhaseEncodingSteps": 74,
  "PhaseResolution": 1,
  "PixelBandwidth": 2815,
  "ProcedureStepDescription": "head_Cassidy",
  "ProtocolName": "RestingState",
  "PulseSequenceDetails": "%SiemensSeq%_ep2d_bold",
  "ReceiveCoilName": "HeadMatrix",
  "ReconMatrixPE": 74,
  "RepetitionTime": 2,
  "SAR": 0.139886,
  "ScanOptions": "FS",
  "ScanningSequence": "EP",
  "SequenceName": "_epfid2d1_74",
  "SequenceVariant": "SK",
  "SeriesDescription": "RestingState",
  "SeriesNumber": 3,
  "ShimSetting": [1287, 10432, -8815, 210, 3, -354, 122, 103],
  "SliceThickness": 4,
  "SliceTiming": [1.945, 1.8825, 1.82, 1.7575, 1.695, 1.6325, 1.57, 1.5075, 1.4425, 1.38, 1.3175, 1.255, 1.1925, 1.13, 1.0675, 1.005, 0.9425, 0.88, 0.815, 0.7525, 0.69, 0.6275, 0.565, 0.5025, 0.44, 0.3775, 0.315, 0.2525, 0.19, 0.125, 0.0625, 0],
  "SoftwareVersions": "syngo_MR_B19",
  "SpacingBetweenSlices": 4,
  "StationName": "JSNNMRI",
  "TaskName": "rest",
  "TotalReadoutTime": 0.0357695,
  "TxRefAmp": 326.906,
  "dcmmeta_affine": [
    [-2.972972869873047, 0.0, 0.0, 105.18071746826172],
    [0.0, 2.972972869873047, 0.0, -92.02461242675781],
    [0.0, 0.0, 4.0, -43.44096374511719],
    [0.0, 0.0, 0.0, 1.0]
],
  "dcmmeta_reorient_transform": [
    [0.0, -1.0, 0.0, 73.0],
    [1.0, 0.0, 0.0, 0.0],
    [0.0, 0.0, 1.0, 0.0],
    [0.0, 0.0, 0.0, 1.0]
],
  "dcmmeta_shape": [74, 74, 32, 300],
  "dcmmeta_slice_dim": 2,
  "dcmmeta_version": 0.6,
  "global": {
    "const": {
      "AcquisitionMatrix": [74, 0, 0, 74],
      "AngioFlag": "N",
      "BitsAllocated": 16,
      "BitsStored": 12,
      "BodyPartExamined": "HEAD",
      "Columns": 444,
      "EchoNumbers": 1,
      "EchoTime": 30.0,
      "EchoTrainLength": 1,
      "FlipAngle": 70.0,
      "HighBit": 11,
      "ImageOrientationPatient": [1.0, 0.0, 0.0, 0.0, 1.0, 0.0],
      "ImagePositionPatient": [-655.18069982529, -675.00238704681, -43.440963745117],
      "ImageType": [
        "ORIGINAL",
        "PRIMARY",
        "M",
        "ND",
        "NORM",
        "MOSAIC"
],
      "ImagedNucleus": "1H",
      "ImagingFrequency": 123.223092,
      "InPlanePhaseEncodingDirection": "COL",
      "MRAcquisitionType": "2D",
      "MagneticFieldStrength": 3.0,
      "Manufacturer": "SIEMENS",
      "ManufacturerModelName": "TrioTim",
      "Modality": "MR",
      "NumberOfAverages": 1.0,
      "NumberOfPhaseEncodingSteps": 74,
      "PercentPhaseFieldOfView": 100.0,
      "PercentSampling": 100.0,
      "PerformedProcedureStepStartTime": "090943.324000",
      "PhotometricInterpretation": "MONOCHROME2",
      "PixelBandwidth": 2815.0,
      "PixelRepresentation": 0,
      "PixelSpacing": [2.972972869873, 2.972972869873],
      "ProtocolName": "RestingState",
      "RepetitionTime": 2000.0,
      "Rows": 444,
      "SAR": 0.13988600729441,
      "SamplesPerPixel": 1,
      "ScanOptions": "FS",
      "ScanningSequence": "EP",
      "SequenceName": "*epfid2d1_74",
      "SequenceVariant": "SK",
      "SeriesDescription": "RestingState",
      "SeriesNumber": 3,
      "SeriesTime": "100955.510000",
      "SliceLocation": -43.440963745117,
      "SliceThickness": 4.0,
      "SmallestImagePixelValue": 0,
      "SoftwareVersions": "syngo MR B19",
      "SpacingBetweenSlices": 4.0,
      "SpecificCharacterSet": "ISO_IR 100",
      "StudyID": "1",
      "StudyTime": "090943.246000",
      "TransmitCoilName": "Body",
      "VariableFlipAngleFlag": "N",
      "WindowCenterWidthExplanation": "Algo1",
      "dBdt": 0.0},
